GEM
  remote: https://rubygems.org/
  specs:
    eps (0.3.9)
      lightgbm (>= 0.1.7)
      nokogiri
    ffi (1.15.5)
    lightgbm (0.2.6)
      ffi
    mini_magick (4.11.0)
    mini_portile2 (2.8.0)
    nokogiri (1.13.6)
      mini_portile2 (~> 2.8.0)
      racc (~> 1.4)
    onnxruntime (0.7.2)
      ffi
    racc (1.6.0)

PLATFORMS
  ruby

DEPENDENCIES
  eps
  mini_magick
  onnxruntime

RUBY VERSION
   ruby 2.7.5p203

BUNDLED WITH
   2.1.4
